PATH
  remote: .
  specs:
    shrine-mrn (0.0.0)

GEM
  remote: https://rubygems.org/
  specs:
    byebug (9.1.0)
    multipart-post (2.0.0)

PLATFORMS
  ruby

DEPENDENCIES
  byebug
  multipart-post
  shrine-mrn!

BUNDLED WITH
   1.15.3
